GEM
  remote: https://rubygems.org/
  specs:
    intercom (3.5.10)
      json (>= 1.8)
    json (2.0.2)
    ruby-progressbar (1.8.1)

PLATFORMS
  ruby

DEPENDENCIES
  intercom (~> 3.5, >= 3.5.10)
  ruby-progressbar (~> 1.8, >= 1.8.1)

BUNDLED WITH
   1.13.6
